GEM
  remote: https://rubygems.org/
  specs:
    httparty (0.21.0)
      mini_mime (>= 1.0.0)
      multi_xml (>= 0.5.2)
    json (1.8.6)
    mini_mime (1.1.5)
    multi_xml (0.6.0)
    mustermann (1.1.2)
      ruby2_keywords (~> 0.0.1)
    nio4r (2.5.9)
    puma (5.5.0)
      nio4r (~> 2.0)
    rack (2.2.8)
    rack-protection (2.1.0)
      rack
    ruby2_keywords (0.0.5)
    sinatra (2.1.0)
      mustermann (~> 1.0)
      rack (~> 2.2)
      rack-protection (= 2.1.0)
      tilt (~> 2.0)
    tilt (2.3.0)

PLATFORMS
  x86_64-linux

DEPENDENCIES
  httparty
  json (~> 1.8, >= 1.8.3)
  puma (= 5.5.0)
  sinatra (= 2.1.0)

BUNDLED WITH
   2.4.21
